GEM
  remote: https://rubygems.org/
  specs:
    minitest (5.11.3)
    rake (13.0.6)
    victor (0.3.3)

PLATFORMS
  ruby

DEPENDENCIES
  minitest (~> 5.11.3)
  rake
  victor

BUNDLED WITH
   2.2.30
