GEM
  remote: https://rubygems.org/
  specs:
    minitest (5.11.3)
    victor (0.3.3)

PLATFORMS
  ruby

DEPENDENCIES
  minitest (~> 5.11.3)
  victor

BUNDLED WITH
   1.17.2
